GEM
  remote: https://rubygems.org/
  specs:
    coveralls (0.8.13)
      json (~> 1.8)
      simplecov (~> 0.11.0)
      term-ansicolor (~> 1.3)
      thor (~> 0.19.1)
      tins (~> 1.6.0)
    docile (1.1.5)
    dotenv (2.1.0)
    json (1.8.3)
    minitest (5.8.4)
    rake (11.1.1)
    simplecov (0.11.2)
      docile (~> 1.1.0)
      json (~> 1.8)
      simplecov-html (~> 0.10.0)
    simplecov-html (0.10.0)
    term-ansicolor (1.3.2)
      tins (~> 1.0)
    thor (0.19.1)
    tins (1.6.0)

PLATFORMS
  ruby

DEPENDENCIES
  coveralls
  dotenv (~> 2.1)
  minitest (~> 5.8, >= 5.8.4)
  rake (~> 11.1)

BUNDLED WITH
   1.11.2
